GIT
  remote: https://github.com/corestate55/netomox
  revision: dc391ec0c55124e01152404415110d54a4ce6bc3
  branch: develop
  specs:
    netomox (0.1.0)
      neography (~> 1.8.0)
      termcolor (~> 1.2.2)
      thor (~> 1.0.1)

GEM
  remote: https://rubygems.org/
  specs:
    ast (2.4.2)
    coderay (1.1.3)
    excon (0.88.0)
    ffi (1.15.4)
    formatador (0.3.0)
    guard (2.18.0)
      formatador (>= 0.2.4)
      listen (>= 2.7, < 4.0)
      lumberjack (>= 1.0.12, < 2.0)
      nenv (~> 0.1)
      notiffany (~> 0.0)
      pry (>= 0.13.0)
      shellany (~> 0.0)
      thor (>= 0.18.1)
    guard-compat (1.2.1)
    guard-shell (0.7.2)
      guard (>= 2.0.0)
      guard-compat (~> 1.0)
    hashie (5.0.0)
    highline (2.0.3)
    ipaddress (0.8.3)
    json (2.6.1)
    listen (3.7.0)
      rb-fsevent (~> 0.10, >= 0.10.3)
      rb-inotify (~> 0.9, >= 0.9.10)
    lumberjack (1.2.8)
    method_source (1.0.0)
    multi_json (1.15.0)
    nenv (0.3.0)
    neography (1.8.0)
      excon (>= 0.33.0)
      json (>= 1.7.7)
      multi_json (>= 1.3.2)
      os (>= 0.9.6)
      rake (>= 0.8.7)
      rubyzip (>= 1.0.0)
    notiffany (0.1.3)
      nenv (~> 0.1)
      shellany (~> 0.0)
    os (1.1.4)
    parallel (1.21.0)
    parser (3.0.2.0)
      ast (~> 2.4.1)
    pry (0.14.1)
      coderay (~> 1.1)
      method_source (~> 1.0)
    rainbow (3.0.0)
    rake (13.0.6)
    rb-fsevent (0.11.0)
    rb-inotify (0.10.1)
      ffi (~> 1.0)
    regexp_parser (2.1.1)
    rexml (3.2.5)
    rubocop (1.22.3)
      parallel (~> 1.10)
      parser (>= 3.0.0.0)
      rainbow (>= 2.2.2, < 4.0)
      regexp_parser (>= 1.8, < 3.0)
      rexml
      rubocop-ast (>= 1.12.0, < 2.0)
      ruby-progressbar (~> 1.7)
      unicode-display_width (>= 1.4.0, < 3.0)
    rubocop-ast (1.13.0)
      parser (>= 3.0.1.1)
    ruby-progressbar (1.11.0)
    rubyzip (2.3.2)
    shellany (0.0.1)
    termcolor (1.2.2)
      highline (>= 1.5.0)
    thor (1.0.1)
    unicode-display_width (2.1.0)

PLATFORMS
  ruby

DEPENDENCIES
  guard
  guard-shell
  hashie (>= 4.1.0)
  ipaddress (~> 0.8.3)
  netomox!
  rubocop (>= 0.80)

BUNDLED WITH
   2.1.4
