GIT
  remote: https://github.com/ool-mddo/netomox
  revision: 5cf52bea69deacda1454b567315a957063236311
  branch: ospf-model
  specs:
    netomox (0.1.0)
      hashdiff (~> 1.0.1)
      jsonpath (~> 1.1.2)
      neography (~> 1.8.0)
      termcolor (~> 1.2.2)
      thor (~> 1.2.1)

GEM
  remote: https://rubygems.org/
  specs:
    ast (2.4.2)
    excon (0.93.1)
    hashdiff (1.0.1)
    hashie (5.0.0)
    highline (2.0.3)
    httpclient (2.8.3)
    ipaddress (0.8.3)
    json (2.6.2)
    jsonpath (1.1.2)
      multi_json
    multi_json (1.15.0)
    neography (1.8.0)
      excon (>= 0.33.0)
      json (>= 1.7.7)
      multi_json (>= 1.3.2)
      os (>= 0.9.6)
      rake (>= 0.8.7)
      rubyzip (>= 1.0.0)
    os (1.1.4)
    parallel (1.22.1)
    parser (3.1.2.1)
      ast (~> 2.4.1)
    power_assert (2.0.2)
    rainbow (3.1.1)
    rake (13.0.6)
    regexp_parser (2.6.0)
    rexml (3.2.5)
    rubocop (1.38.0)
      json (~> 2.3)
      parallel (~> 1.10)
      parser (>= 3.1.2.1)
      rainbow (>= 2.2.2, < 4.0)
      regexp_parser (>= 1.8, < 3.0)
      rexml (>= 3.2.5, < 4.0)
      rubocop-ast (>= 1.23.0, < 2.0)
      ruby-progressbar (~> 1.7)
      unicode-display_width (>= 1.4.0, < 3.0)
    rubocop-ast (1.23.0)
      parser (>= 3.1.1.0)
    rubocop-rake (0.6.0)
      rubocop (~> 1.0)
    ruby-progressbar (1.11.0)
    rubyzip (2.3.2)
    termcolor (1.2.2)
      highline (>= 1.5.0)
    test-unit (3.5.5)
      power_assert
    thor (1.2.1)
    unicode-display_width (2.3.0)
    webrick (1.7.0)
    yard (0.9.28)
      webrick (~> 1.7.0)

PLATFORMS
  x86_64-linux

DEPENDENCIES
  hashie (>= 4.1.0)
  httpclient (>= 2.8.3)
  ipaddress (~> 0.8.3)
  netomox!
  parallel (>= 1.22.1)
  rake (>= 13.0.6)
  rexml (>= 3.2.5)
  rubocop (>= 0.80)
  rubocop-rake
  test-unit (>= 3.5.3)
  thor (~> 1.2.1)
  yard (>= 0.9.20)

BUNDLED WITH
   2.3.5
